GEM
  remote: https://rubygems.org/
  specs:
    coderay (1.1.3)
    graph (2.10.0)
    method_source (1.0.0)
    pry (0.14.1)
      coderay (~> 1.1)
      method_source (~> 1.0)

PLATFORMS
  arm64-darwin-20

DEPENDENCIES
  graph
  pry

RUBY VERSION
   ruby 2.7.3p183

BUNDLED WITH
   2.2.27
