GEM
  remote: https://rubygems.org/
  specs:
    coderay (1.1.1)
    graph (2.8.0)
    method_source (0.8.2)
    pry (0.10.3)
      coderay (~> 1.1.0)
      method_source (~> 0.8.1)
      slop (~> 3.4)
    slop (3.6.0)

PLATFORMS
  ruby

DEPENDENCIES
  graph (= 2.8.0)
  pry

RUBY VERSION
   ruby 2.2.2p95

BUNDLED WITH
   1.12.5
